GEM
  remote: https://rubygems.org/
  specs:
    blankslate (2.1.2.4)
    erubis (2.7.0)
    parslet (1.5.0)
      blankslate (~> 2.0)

PLATFORMS
  ruby

DEPENDENCIES
  erubis
  parslet
